GIT
  remote: git://github.com/bubbles90210/tic_tac_toe_ai.git
  revision: feab1df521cf432d5cf916ceeeb36f73b9f6ac82
  specs:
    tic_tac_toe_ai (0.0.2)

GEM
  remote: http://rubygems.org/
  specs:
    diff-lcs (1.2.4)
    rspec (2.13.0)
      rspec-core (~> 2.13.0)
      rspec-expectations (~> 2.13.0)
      rspec-mocks (~> 2.13.0)
    rspec-core (2.13.1)
    rspec-expectations (2.13.0)
      diff-lcs (>= 1.1.3, < 2.0)
    rspec-mocks (2.13.1)

PLATFORMS
  ruby

DEPENDENCIES
  rspec
  tic_tac_toe_ai!
